STORAGE: NONE
RESTRICTION: || (== net40) (== net461)
NUGET
  remote: https://www.nuget.org/api/v2
    Argu (5.3)
      FSharp.Core (>= 4.0.0.1) - restriction: || (&& (== net40) (>= net45)) (== net461)
    CommonMark.NET (0.15.1)
    dotless.Core (1.6.7)
      Microsoft.Extensions.DependencyInjection (>= 1.1.1) - restriction: || (&& (== net40) (>= net45)) (&& (== net40) (>= net461)) (== net461)
    Expecto (8.10.1)
      FSharp.Core (>= 4.3.4) - restriction: || (&& (== net40) (>= net461)) (&& (== net40) (>= netstandard2.0)) (== net461)
      Mono.Cecil (>= 0.10.3) - restriction: || (&& (== net40) (>= net461)) (&& (== net40) (>= netstandard2.0)) (== net461)
    FAKE (5.8.4)
    FSharp.Compiler.Service (23.0.3)
      FSharp.Core (>= 4.1.18) - restriction: || (&& (== net40) (>= net45)) (&& (== net40) (>= netstandard2.0)) (== net461)
      System.Collections.Immutable (>= 1.3.1) - restriction: || (&& (== net40) (>= net45)) (&& (== net40) (>= netstandard2.0)) (== net461)
      System.Reflection.Metadata (>= 1.4.2) - restriction: || (&& (== net40) (>= net45)) (&& (== net40) (>= netstandard2.0)) (== net461)
      System.ValueTuple (>= 4.3.1) - restriction: || (&& (== net40) (>= net45)) (== net461)
    FSharp.Core (4.3.4)
    FSharp.Quotations.Evaluator (1.1.3)
      FSharp.Core (>= 3.0.2) - restriction: || (&& (== net40) (>= net45)) (== net461)
    Microsoft.Extensions.DependencyInjection (2.1.1) - restriction: || (&& (== net40) (>= net45)) (&& (== net40) (>= net461)) (== net461)
      Microsoft.Extensions.DependencyInjection.Abstractions (>= 2.1.1) - restriction: || (&& (== net40) (>= net461)) (&& (== net40) (>= netstandard2.0)) (== net461)
    Microsoft.Extensions.DependencyInjection.Abstractions (2.1.1) - restriction: || (&& (== net40) (>= net45) (>= netstandard2.0)) (&& (== net40) (>= net461)) (== net461)
    Mono.Cecil (0.10.3) - restriction: || (&& (== net40) (>= net461)) (&& (== net40) (>= netstandard2.0)) (== net461)
    Suave (2.5.4)
      FSharp.Core (>= 4.3.4 < 5.0) - restriction: || (&& (== net40) (>= net461)) (&& (== net40) (>= netstandard2.0)) (== net461)
    System.Collections.Immutable (1.3.1) - restriction: || (&& (== net40) (>= net45)) (&& (== net40) (>= netstandard2.0)) (== net461)
    System.Reflection.Metadata (1.4.2) - restriction: || (&& (== net40) (>= net45)) (&& (== net40) (>= netstandard2.0)) (== net461)
      System.Collections.Immutable (>= 1.3.1) - restriction: || (&& (== net40) (>= monoandroid)) (&& (== net40) (>= monotouch)) (&& (== net40) (>= net45)) (&& (== net40) (>= netstandard1.1)) (&& (== net40) (>= win8)) (&& (== net40) (>= wpa81)) (&& (== net40) (>= xamarinios)) (&& (== net40) (>= xamarinmac)) (&& (== net40) (>= xamarintvos)) (&& (== net40) (>= xamarinwatchos)) (== net461)
    System.ValueTuple (4.5) - restriction: || (&& (== net40) (>= net45)) (== net461)
    YamlDotNet (6.0)
